GEM
  remote: http://gemcutter.org/
  specs:
    activesupport (3.0.9)
    crack (0.1.8)
    haml (3.1.2)
    hashie (1.0.0)
    http_router (0.8.11)
      rack (>= 1.0.0)
      url_mount (~> 0.2.1)
    httparty (0.7.8)
      crack (= 0.1.8)
    i18n (0.5.0)
    json_pure (1.5.3)
    oauth (0.4.5)
    padrino-core (0.10.0)
      activesupport (~> 3.0.0)
      http_router (~> 0.8.10)
      sinatra (~> 1.2.6)
      thor (~> 0.14.3)
      tilt (~> 1.3.0)
    padrino-helpers (0.10.0)
      i18n (~> 0.5.0)
      padrino-core (= 0.10.0)
    rack (1.3.0)
    sinatra (1.2.6)
      rack (~> 1.1)
      tilt (>= 1.2.2, < 2.0)
    thor (0.14.6)
    tilt (1.3.2)
    url_mount (0.2.1)
      rack

PLATFORMS
  ruby

DEPENDENCIES
  haml
  hashie
  httparty
  json_pure
  oauth
  padrino-helpers
  sinatra
