GEM
  remote: http://gemcutter.org/
  specs:
    crack (0.1.8)
    haml (3.1.2)
    hashie (1.0.0)
    httparty (0.7.8)
      crack (= 0.1.8)
    json_pure (1.5.3)
    oauth (0.4.5)
    rack (1.3.0)
    sinatra (1.2.6)
      rack (~> 1.1)
      tilt (>= 1.2.2, < 2.0)
    tilt (1.3.2)

PLATFORMS
  ruby

DEPENDENCIES
  haml
  hashie
  httparty
  json_pure
  oauth
  sinatra
